GEM
  remote: https://rubygems.org/
  specs:
    id3tag (0.7.0)
    json (1.8.1)

PLATFORMS
  ruby

DEPENDENCIES
  id3tag (= 0.7.0)
  json (= 1.8.1)
